PATH
  remote: .
  specs:
    treeline (0.1.0)

GEM
  remote: http://rubygems.org/
  specs:

PLATFORMS
  ruby

DEPENDENCIES
  treeline!
